NUGET
  remote: https://nuget.org/api/v2
  specs:
    FAKE (4.2.0)
    FSharp.Compiler.Service (1.4.0.1)
    FSharp.Core (4.0.0.1)
    FSharp.Formatting (2.10.0)
      FSharp.Compiler.Service (>= 0.0.87)
      FSharpVSPowerTools.Core (1.8.0)
    FSharpVSPowerTools.Core (1.8.0)
      FSharp.Compiler.Service (>= 0.0.87)
    FsPickler (1.3.6)
    FsReveal (1.0.3)
      FSharp.Formatting (>= 2.7.5)
    Suave (0.31.1)
      FSharp.Core (>= 4.0.0.1)
      FsPickler (>= 1.2.5)
